GEM
  remote: https://rubygems.org/
  specs:
    faraday (0.17.3)
      multipart-post (>= 1.2, < 3)
    json (2.3.1)
    multipart-post (2.1.1)
    slack-notify (0.5.0)
      faraday (~> 0.9)
      json (>= 1.8, <= 3.0)

PLATFORMS
  ruby

DEPENDENCIES
  slack-notify

BUNDLED WITH
   2.1.4
